PATH
  remote: .
  specs:
    png_to_pixil (0.1.0)
      fastimage (~> 2.1)
      json (~> 2.3)
      ostruct (~> 0.1)

GEM
  remote: https://rubygems.org/
  specs:
    fastimage (2.1.7)
    json (2.3.0)
    ostruct (0.1.0)
    rake (12.3.3)

PLATFORMS
  ruby

DEPENDENCIES
  png_to_pixil!
  rake (~> 12.0)

BUNDLED WITH
   2.1.4
